GEM
  remote: https://rubygems.org/
  specs:
    ffaker (1.24.0)
    image_suckr (0.1.0)
    newrelic_rpm (3.9.1.236)
    rack (1.5.2)
    rack-protection (1.5.3)
      rack
    rake (10.3.2)
    sinatra (1.4.5)
      rack (~> 1.4)
      rack-protection (~> 1.4)
      tilt (~> 1.3, >= 1.3.4)
    slim (2.0.2)
      temple (~> 0.6.6)
      tilt (>= 1.3.3, < 2.1)
    temple (0.6.7)
    tilt (1.4.1)

PLATFORMS
  ruby

DEPENDENCIES
  ffaker
  image_suckr
  newrelic_rpm
  rack
  rake
  sinatra
  slim
